GEM
  remote: https://rubygems.org/
  specs:
<<<<<<< HEAD
=======
    coderay (1.1.3)
    method_source (1.0.0)
    pry (0.14.1)
      coderay (~> 1.1)
      method_source (~> 1.0)
    pry-rails (0.3.9)
      pry (>= 0.10.4)
>>>>>>> 9e39d9d3fcd32d3ac48a15a5acc6d4824bab4f29

PLATFORMS
  ruby

DEPENDENCIES
<<<<<<< HEAD
=======
  pry-rails
>>>>>>> 9e39d9d3fcd32d3ac48a15a5acc6d4824bab4f29

BUNDLED WITH
   2.1.4
